GEM
  remote: https://rubygems.org/
  specs:
    rack (1.6.0)
    rulers (0.0.3)
      rack (~> 1.6)

PLATFORMS
  ruby

DEPENDENCIES
  rulers
